GIT
  remote: https://github.com/wontaeyang/bootstrap-sass.git
  revision: 9b83c693be61aee2283faaa2ff2a7b7a4cbd5ee2
  specs:
    bootstrap-sass (3.1.1.0)
      sass (~> 3.2)

GIT
  remote: https://github.com/wontaeyang/jquery-datatables-rails.git
  revision: a41f000e8da2e8a524732acec64fda16169d5b08
  specs:
    jquery-datatables-rails (1.12.2)
      jquery-rails
      sass-rails

GIT
  remote: https://github.com/wontaeyang/jquery-fileupload-rails.git
  revision: e89f7ea6daa3267517edbb75016522bc0bbe9637
  specs:
    jquery-fileupload-rails (0.4.1)
      actionpack (>= 3.1)
      railties (>= 3.1)

GEM
  remote: http://rubygems.org/
  specs:
    actionmailer (4.1.0.rc2)
      actionpack (= 4.1.0.rc2)
      actionview (= 4.1.0.rc2)
      mail (~> 2.5.4)
    actionpack (4.1.0.rc2)
      actionview (= 4.1.0.rc2)
      activesupport (= 4.1.0.rc2)
      rack (~> 1.5.2)
      rack-test (~> 0.6.2)
    actionview (4.1.0.rc2)
      activesupport (= 4.1.0.rc2)
      builder (~> 3.1)
      erubis (~> 2.7.0)
    activemodel (4.1.0.rc2)
      activesupport (= 4.1.0.rc2)
      builder (~> 3.1)
    activerecord (4.1.0.rc2)
      activemodel (= 4.1.0.rc2)
      activesupport (= 4.1.0.rc2)
      arel (~> 5.0.0)
    activesupport (4.1.0.rc2)
      i18n (~> 0.6, >= 0.6.9)
      json (~> 1.7, >= 1.7.7)
      minitest (~> 5.1)
      thread_safe (~> 0.1)
      tzinfo (~> 1.1)
    addressable (2.3.6)
    arel (5.0.1.20140414130214)
    bcrypt (3.1.7)
    better_errors (1.1.0)
      coderay (>= 1.0.0)
      erubis (>= 2.6.6)
    binding_of_caller (0.7.2)
      debug_inspector (>= 0.0.1)
    builder (3.2.2)
    capistrano (2.15.5)
      highline
      net-scp (>= 1.0.0)
      net-sftp (>= 2.0.0)
      net-ssh (>= 2.0.14)
      net-ssh-gateway (>= 1.1.0)
    capybara (2.2.1)
      mime-types (>= 1.16)
      nokogiri (>= 1.3.3)
      rack (>= 1.0.0)
      rack-test (>= 0.5.4)
      xpath (~> 2.0)
    carrierwave (0.10.0)
      activemodel (>= 3.2.0)
      activesupport (>= 3.2.0)
      json (>= 1.7)
      mime-types (>= 1.16)
    celluloid (0.15.2)
      timers (~> 1.1.0)
    childprocess (0.5.3)
      ffi (~> 1.0, >= 1.0.11)
    coderay (1.1.0)
    coffee-rails (4.0.1)
      coffee-script (>= 2.2.0)
      railties (>= 4.0.0, < 5.0)
    coffee-script (2.2.0)
      coffee-script-source
      execjs
    coffee-script-source (1.7.0)
    connection_pool (2.0.0)
    database_cleaner (1.2.0)
    debug_inspector (0.0.2)
    devise (3.2.4)
      bcrypt (~> 3.0)
      orm_adapter (~> 0.1)
      railties (>= 3.2.6, < 5)
      thread_safe (~> 0.1)
      warden (~> 1.2.3)
    diff-lcs (1.2.5)
    docile (1.1.3)
    dropzonejs-rails (0.4.14)
      rails (> 3.1)
    erubis (2.7.0)
    ethon (0.7.0)
      ffi (>= 1.3.0)
    excon (0.33.0)
    execjs (2.0.2)
    factory_girl (4.4.0)
      activesupport (>= 3.0.0)
    factory_girl_rails (4.4.1)
      factory_girl (~> 4.4.0)
      railties (>= 3.0.0)
    faraday (0.9.0)
      multipart-post (>= 1.2, < 3)
    ffi (1.9.3)
    fog (1.22.0)
      fog-brightbox
      fog-core (~> 1.21, >= 1.21.1)
      fog-json
      nokogiri (~> 1.5, >= 1.5.11)
    fog-brightbox (0.0.2)
      fog-core
      fog-json
    fog-core (1.22.0)
      builder
      excon (~> 0.33)
      formatador (~> 0.2)
      mime-types
      net-scp (~> 1.1)
      net-ssh (>= 2.1.3)
    fog-json (1.0.0)
      multi_json (~> 1.0)
    font-awesome-rails (4.0.3.1)
      railties (>= 3.2, < 5.0)
    formatador (0.2.4)
    google-analytics-rails (0.0.5)
    hashie (2.1.1)
    highline (1.6.21)
    hike (1.2.3)
    i18n (0.6.9)
    jbuilder (2.0.6)
      activesupport (>= 3.0.0, < 5)
      multi_json (~> 1.2)
    jquery-easing-rails (0.0.1)
      railties (>= 3.1.0)
    jquery-rails (3.1.0)
      railties (>= 3.0, < 5.0)
      thor (>= 0.14, < 2.0)
    jquery-ui-rails (4.2.1)
      railties (>= 3.2.16)
    json (1.8.1)
    jwt (0.1.11)
      multi_json (>= 1.5)
    mail (2.5.4)
      mime-types (~> 1.16)
      treetop (~> 1.4.8)
    method_source (0.8.2)
    mime-types (1.25.1)
    mini_portile (0.5.3)
    minitest (5.3.3)
    multi_json (1.9.2)
    multi_xml (0.5.5)
    multipart-post (2.0.0)
    net-scp (1.2.0)
      net-ssh (>= 2.6.5)
    net-sftp (2.1.2)
      net-ssh (>= 2.6.5)
    net-ssh (2.7.0)
    net-ssh-gateway (1.2.0)
      net-ssh (>= 2.6.5)
    nokogiri (1.6.1)
      mini_portile (~> 0.5.0)
    oauth2 (0.9.3)
      faraday (>= 0.8, < 0.10)
      jwt (~> 0.1.8)
      multi_json (~> 1.3)
      multi_xml (~> 0.5)
      rack (~> 1.2)
    octokit (3.1.0)
      sawyer (~> 0.5.3)
    omniauth (1.2.1)
      hashie (>= 1.2, < 3)
      rack (~> 1.0)
    omniauth-github (1.1.2)
      omniauth (~> 1.0)
      omniauth-oauth2 (~> 1.1)
    omniauth-oauth2 (1.1.2)
      faraday (>= 0.8, < 0.10)
      multi_json (~> 1.3)
      oauth2 (~> 0.9.3)
      omniauth (~> 1.2)
    orm_adapter (0.5.0)
    pg (0.17.1)
    polyglot (0.3.4)
    pry (0.9.12.6)
      coderay (~> 1.0)
      method_source (~> 0.8)
      slop (~> 3.4)
    quiet_assets (1.0.2)
      railties (>= 3.1, < 5.0)
    rack (1.5.2)
    rack-protection (1.5.3)
      rack
    rack-test (0.6.2)
      rack (>= 1.0)
    rails (4.1.0.rc2)
      actionmailer (= 4.1.0.rc2)
      actionpack (= 4.1.0.rc2)
      actionview (= 4.1.0.rc2)
      activemodel (= 4.1.0.rc2)
      activerecord (= 4.1.0.rc2)
      activesupport (= 4.1.0.rc2)
      bundler (>= 1.3.0, < 2.0)
      railties (= 4.1.0.rc2)
      sprockets-rails (~> 2.0.0)
    railties (4.1.0.rc2)
      actionpack (= 4.1.0.rc2)
      activesupport (= 4.1.0.rc2)
      rake (>= 0.8.7)
      thor (>= 0.18.1, < 2.0)
    rake (10.3.1)
    rdoc (4.1.1)
      json (~> 1.4)
    redis (3.0.7)
    redis-namespace (1.4.1)
      redis (~> 3.0.4)
    rspec-core (2.14.8)
    rspec-expectations (2.14.5)
      diff-lcs (>= 1.1.3, < 2.0)
    rspec-mocks (2.14.6)
    rspec-rails (2.14.2)
      actionpack (>= 3.0)
      activemodel (>= 3.0)
      activesupport (>= 3.0)
      railties (>= 3.0)
      rspec-core (~> 2.14.0)
      rspec-expectations (~> 2.14.0)
      rspec-mocks (~> 2.14.0)
    rubyzip (1.1.3)
    sass (3.2.19)
    sass-rails (4.0.3)
      railties (>= 4.0.0, < 5.0)
      sass (~> 3.2.0)
      sprockets (~> 2.8, <= 2.11.0)
      sprockets-rails (~> 2.0)
    sawyer (0.5.4)
      addressable (~> 2.3.5)
      faraday (~> 0.8, < 0.10)
    sdoc (0.4.0)
      json (~> 1.8)
      rdoc (~> 4.0, < 5.0)
    selenium-webdriver (2.41.0)
      childprocess (>= 0.5.0)
      multi_json (~> 1.0)
      rubyzip (~> 1.0)
      websocket (~> 1.0.4)
    sidekiq (2.16.1)
      celluloid (>= 0.15.2)
      connection_pool (>= 1.0.0)
      json
      redis (>= 3.0.4)
      redis-namespace (>= 1.3.1)
    sidekiq_status (1.0.7)
      sidekiq (>= 2.4, < 2.17)
    simplecov (0.8.2)
      docile (~> 1.1.0)
      multi_json
      simplecov-html (~> 0.8.0)
    simplecov-html (0.8.0)
    sinatra (1.4.5)
      rack (~> 1.4)
      rack-protection (~> 1.4)
      tilt (~> 1.3, >= 1.3.4)
    slop (3.5.0)
    sprockets (2.11.0)
      hike (~> 1.2)
      multi_json (~> 1.0)
      rack (~> 1.0)
      tilt (~> 1.1, != 1.3.0)
    sprockets-rails (2.0.1)
      actionpack (>= 3.0)
      activesupport (>= 3.0)
      sprockets (~> 2.8)
    sprockets_better_errors (0.0.5)
      actionpack (< 4.1)
      activesupport (< 4.1)
      sprockets-rails (>= 1.0.0)
    sqlite3 (1.3.9)
    thor (0.19.1)
    thread_safe (0.3.3)
    tilt (1.4.1)
    timers (1.1.0)
    treetop (1.4.15)
      polyglot
      polyglot (>= 0.3.1)
    typhoeus (0.6.8)
      ethon (>= 0.7.0)
    tzinfo (1.1.0)
      thread_safe (~> 0.1)
    uglifier (2.5.0)
      execjs (>= 0.3.0)
      json (>= 1.8.0)
    warden (1.2.3)
      rack (>= 1.0)
    websocket (1.0.7)
    xpath (2.0.0)
      nokogiri (~> 1.3)

PLATFORMS
  ruby

DEPENDENCIES
  better_errors
  binding_of_caller
  bootstrap-sass!
  capistrano (= 2.15.5)
  capybara
  carrierwave
  coffee-rails (~> 4.0.0)
  database_cleaner
  devise
  dropzonejs-rails
  factory_girl_rails
  fog
  font-awesome-rails
  google-analytics-rails
  jbuilder (~> 2.0)
  jquery-datatables-rails!
  jquery-easing-rails
  jquery-fileupload-rails!
  jquery-rails
  jquery-ui-rails
  net-ssh (= 2.7.0)
  octokit
  omniauth
  omniauth-github
  pg
  pry
  quiet_assets
  rails (= 4.1.0.rc2)
  rake (= 10.3.1)
  rspec-rails
  sass-rails (~> 4.0.2)
  sdoc (~> 0.4.0)
  selenium-webdriver
  sidekiq
  sidekiq_status
  simplecov
  sinatra (>= 1.3.0)
  sprockets_better_errors
  sqlite3
  typhoeus
  uglifier (>= 1.3.0)
